GEM
  remote: https://rubygems.org/
  specs:
    builder (3.2.4)
    coderay (1.1.3)
    concurrent-ruby (1.1.9)
    ffi (1.15.4)
    hashids (1.0.5)
    listen (3.7.0)
      rb-fsevent (~> 0.10, >= 0.10.3)
      rb-inotify (~> 0.9, >= 0.9.10)
    mail (2.7.1)
      mini_mime (>= 0.1.1)
    markaby (0.9.0)
      builder
    method_source (1.0.0)
    mini_mime (1.1.1)
    nio4r (2.5.8)
    pry (0.14.1)
      coderay (~> 1.1)
      method_source (~> 1.0)
    puma (5.4.0)
      nio4r (~> 2.0)
    rack (2.2.3)
    rb-fsevent (0.11.0)
    rb-inotify (0.10.1)
      ffi (~> 1.0)
    rerun (0.13.1)
      listen (~> 3.0)
    roda (3.48.0)
      rack
    sequel (5.48.0)
    sequel-hash_id (0.1.2)
      hashids (~> 1.0)
      sequel (>= 4.0, < 6.0)
    sqlite3 (1.4.2)
    sucker_punch (3.0.1)
      concurrent-ruby (~> 1.0)
    tilt (2.0.10)

PLATFORMS
  x86_64-linux

DEPENDENCIES
  mail
  markaby
  pry
  puma
  rerun
  roda
  sequel
  sequel-hash_id
  sqlite3
  sucker_punch
  tilt

BUNDLED WITH
   2.2.22
